GEM
  remote: https://rubygems.org/
  specs:
    kramdown (1.0.1)
    markdown2confluence (0.0.2)
      kramdown
      nokogiri
    nokogiri (1.5.9)
    rack (1.5.2)
    rack-protection (1.5.0)
      rack
    sinatra (1.4.2)
      rack (~> 1.5, >= 1.5.2)
      rack-protection (~> 1.4)
      tilt (~> 1.3, >= 1.3.4)
    tilt (1.4.0)

PLATFORMS
  ruby

DEPENDENCIES
  markdown2confluence
  sinatra
